GEM
  remote: https://rubygems.org/
  specs:
    actionmailer (3.2.22.2)
      actionpack (= 3.2.22.2)
      mail (~> 2.5.4)
    actionpack (3.2.22.2)
      activemodel (= 3.2.22.2)
      activesupport (= 3.2.22.2)
      builder (~> 3.0.0)
      erubis (~> 2.7.0)
      journey (~> 1.0.4)
      rack (~> 1.4.5)
      rack-cache (~> 1.2)
      rack-test (~> 0.6.1)
      sprockets (~> 2.2.1)
    activemodel (3.2.22.2)
      activesupport (= 3.2.22.2)
      builder (~> 3.0.0)
    activerecord (3.2.22.2)
      activemodel (= 3.2.22.2)
      activesupport (= 3.2.22.2)
      arel (~> 3.0.2)
      tzinfo (~> 0.3.29)
    activeresource (3.2.22.2)
      activemodel (= 3.2.22.2)
      activesupport (= 3.2.22.2)
    activesupport (3.2.22.2)
      i18n (~> 0.6, >= 0.6.4)
      multi_json (~> 1.0)
    acts-as-taggable-on (3.5.0)
      activerecord (>= 3.2, < 5)
    acts_as_indexed (0.8.3)
    addressable (2.5.1)
      public_suffix (~> 2.0, >= 2.0.2)
    amatch (0.4.0)
      mize
      tins (~> 1.0)
    arel (3.0.3)
    awesome_nested_set (2.1.6)
      activerecord (>= 3.0.0)
    babosa (1.0.2)
    bcrypt (3.1.11)
    bcrypt (3.1.11-x64-mingw32)
    bcrypt (3.1.11-x86-mingw32)
    bcrypt-ruby (3.1.5)
      bcrypt (>= 3.1.3)
    bcrypt-ruby (3.1.5-x64-mingw32)
      bcrypt (>= 3.1.3)
    bcrypt-ruby (3.1.5-x86-mingw32)
      bcrypt (>= 3.1.3)
    buftok (0.2.0)
    builder (3.0.4)
    capybara (2.15.1)
      addressable
      mini_mime (>= 0.1.3)
      nokogiri (>= 1.3.3)
      rack (>= 1.0.0)
      rack-test (>= 0.5.4)
      xpath (~> 2.0)
    cliver (0.3.2)
    coffee-rails (3.2.2)
      coffee-script (>= 2.2.0)
      railties (~> 3.2.0)
    coffee-script (2.4.1)
      coffee-script-source
      execjs
    coffee-script-source (1.12.2)
    decorators (1.0.5)
      railties (>= 3.0.19)
    devise (2.2.8)
      bcrypt-ruby (~> 3.0)
      orm_adapter (~> 0.1)
      railties (~> 3.1)
      warden (~> 1.2.1)
    diff-lcs (1.3)
    domain_name (0.5.20170404)
      unf (>= 0.0.5, < 1.0.0)
    dragonfly (0.9.15)
      multi_json (~> 1.0)
      rack
    equalizer (0.0.11)
    erubis (2.7.0)
    exception_notification (4.1.1)
      actionmailer (>= 3.0.4)
      activesupport (>= 3.0.4)
    execjs (2.7.0)
    factory_girl (4.8.0)
      activesupport (>= 3.0.0)
    factory_girl_rails (4.8.0)
      factory_girl (~> 4.8.0)
      railties (>= 3.0.0)
    faraday (0.11.0)
      multipart-post (>= 1.2, < 3)
    ffi (1.9.18)
    ffi (1.9.18-x64-mingw32)
    ffi (1.9.18-x86-mingw32)
    filters_spam (0.5)
    formtastic (3.1.5)
      actionpack (>= 3.2.13)
    friendly_id (4.0.10.1)
      activerecord (>= 3.0, < 4.0)
    globalize (3.1.0)
      activemodel (>= 3.1.0, < 4.0.0)
      activerecord (>= 3.1.0, < 4.0.0)
    hike (1.2.3)
    http (2.2.2)
      addressable (~> 2.3)
      http-cookie (~> 1.0)
      http-form_data (~> 1.0.1)
      http_parser.rb (~> 0.6.0)
    http-cookie (1.0.3)
      domain_name (~> 0.5)
    http-form_data (1.0.3)
    http_parser.rb (0.6.0)
    httparty (0.15.6)
      multi_xml (>= 0.5.2)
    i18n (0.8.6)
    journey (1.0.4)
    jquery-rails (2.3.0)
      railties (>= 3.0, < 5.0)
      thor (>= 0.14, < 2.0)
    json (1.8.6)
    libv8 (3.16.14.19)
    mail (2.5.5)
      mime-types (~> 1.16)
      treetop (~> 1.4.8)
    memoizable (0.4.2)
      thread_safe (~> 0.3, >= 0.3.1)
    mime-types (1.25.1)
    mini_mime (0.1.4)
    mini_portile2 (2.2.0)
    mize (0.3.2)
      protocol
    multi_json (1.12.1)
    multi_xml (0.6.0)
    multipart-post (2.0.0)
    naught (1.1.0)
    nokogiri (1.8.0)
      mini_portile2 (~> 2.2.0)
    nokogiri (1.8.0-x64-mingw32)
      mini_portile2 (~> 2.2.0)
    nokogiri (1.8.0-x86-mingw32)
      mini_portile2 (~> 2.2.0)
    oj (3.3.5)
    orm_adapter (0.5.0)
    pg (0.21.0)
    pg (0.21.0-x64-mingw32)
    pg (0.21.0-x86-mingw32)
    poltergeist (1.16.0)
      capybara (~> 2.1)
      cliver (~> 0.3.1)
      websocket-driver (>= 0.2.0)
    polyglot (0.3.5)
    power_assert (1.0.2)
    protocol (1.0.1)
      ruby_parser (~> 3.0)
    public_suffix (2.0.5)
    rabl (0.9.3)
      activesupport (>= 2.3.14)
    rack (1.4.7)
    rack-cache (1.7.0)
      rack (>= 0.4)
    rack-ssl (1.3.4)
      rack
    rack-test (0.6.3)
      rack (>= 1.0)
    rails (3.2.22.2)
      actionmailer (= 3.2.22.2)
      actionpack (= 3.2.22.2)
      activerecord (= 3.2.22.2)
      activeresource (= 3.2.22.2)
      activesupport (= 3.2.22.2)
      bundler (~> 1.0)
      railties (= 3.2.22.2)
    rails-i18n (0.7.4)
      i18n (~> 0.5)
    rails_autolink (1.0.9)
      rails (~> 3.1)
    railties (3.2.22.2)
      actionpack (= 3.2.22.2)
      activesupport (= 3.2.22.2)
      rack-ssl (~> 1.3.2)
      rake (>= 0.8.7)
      rdoc (~> 3.4)
      thor (>= 0.14.6, < 2.0)
    rake (12.0.0)
    rb-fsevent (0.10.2)
    rb-inotify (0.9.10)
      ffi (>= 0.5.0, < 2)
    rdoc (3.12.2)
      json (~> 1.4)
    ref (2.0.0)
    refinerycms (2.1.5)
      bundler (>= 1.2.2, < 2.0)
      refinerycms-authentication (= 2.1.5)
      refinerycms-core (= 2.1.5)
      refinerycms-dashboard (= 2.1.5)
      refinerycms-images (= 2.1.5)
      refinerycms-pages (= 2.1.5)
      refinerycms-resources (= 2.1.5)
    refinerycms-authentication (2.1.5)
      actionmailer (>= 3.1.11, < 3.3, != 3.2.9, != 3.2.8, != 3.2.7, != 3.2.6, != 3.2.5, != 3.2.4, != 3.2.3, != 3.2.2, != 3.2.11, != 3.2.10, != 3.2.1, != 3.2.0)
      devise (~> 2.2.3)
      refinerycms-core (= 2.1.5)
    refinerycms-blog (2.1.0)
      acts-as-taggable-on
      filters_spam (~> 0.2)
      friendly_id (~> 4.0.4)
      rails_autolink (~> 1.0.7)
      refinerycms-core (~> 2.1.0)
      refinerycms-settings (~> 2.1.0)
      seo_meta (~> 1.4.0)
    refinerycms-core (2.1.5)
      actionpack (>= 3.1.11, < 3.3, != 3.2.9, != 3.2.8, != 3.2.7, != 3.2.6, != 3.2.5, != 3.2.4, != 3.2.3, != 3.2.2, != 3.2.11, != 3.2.10, != 3.2.1, != 3.2.0)
      activerecord (>= 3.1.11, < 3.3, != 3.2.9, != 3.2.8, != 3.2.7, != 3.2.6, != 3.2.5, != 3.2.4, != 3.2.3, != 3.2.2, != 3.2.11, != 3.2.10, != 3.2.1, != 3.2.0)
      awesome_nested_set (~> 2.1.3)
      decorators (~> 1.0.0)
      jquery-rails (~> 2.3.0)
      railties (>= 3.1.11, < 3.3, != 3.2.9, != 3.2.8, != 3.2.7, != 3.2.6, != 3.2.5, != 3.2.4, != 3.2.3, != 3.2.2, != 3.2.11, != 3.2.10, != 3.2.1, != 3.2.0)
      refinerycms-i18n (~> 2.1.0)
      sass-rails (~> 3.2.3)
      truncate_html (~> 0.9)
      will_paginate (~> 3.0.2)
    refinerycms-dashboard (2.1.5)
      refinerycms-core (= 2.1.5)
    refinerycms-i18n (2.1.0)
      rails-i18n (~> 0.7.3)
      routing-filter (~> 0.3.0)
    refinerycms-images (2.1.5)
      dragonfly (~> 0.9.14)
      refinerycms-core (= 2.1.5)
    refinerycms-pages (2.1.5)
      awesome_nested_set (~> 2.1.3)
      babosa (!= 0.3.6)
      friendly_id (~> 4.0.9)
      globalize (~> 3.1.0)
      refinerycms-core (= 2.1.5)
      seo_meta (~> 1.4.0)
    refinerycms-resources (2.1.5)
      acts_as_indexed (~> 0.8.0)
      dragonfly (~> 0.9.12)
      refinerycms-core (= 2.1.5)
    refinerycms-settings (2.1.1)
      refinerycms-core (~> 2.1.1)
    roo (1.13.2)
      nokogiri
      rubyzip
      spreadsheet (> 0.6.4)
    routing-filter (0.3.1)
      actionpack
    rspec-core (3.6.0)
      rspec-support (~> 3.6.0)
    rspec-expectations (3.6.0)
      diff-lcs (>= 1.2.0, < 2.0)
      rspec-support (~> 3.6.0)
    rspec-mocks (3.6.0)
      diff-lcs (>= 1.2.0, < 2.0)
      rspec-support (~> 3.6.0)
    rspec-rails (3.6.1)
      actionpack (>= 3.0)
      activesupport (>= 3.0)
      railties (>= 3.0)
      rspec-core (~> 3.6.0)
      rspec-expectations (~> 3.6.0)
      rspec-mocks (~> 3.6.0)
      rspec-support (~> 3.6.0)
    rspec-support (3.6.0)
    ruby-ole (1.2.12.1)
    ruby_parser (3.10.1)
      sexp_processor (~> 4.9)
    rubyzip (0.9.9)
    sass (3.5.1)
      sass-listen (~> 4.0.0)
    sass-listen (4.0.0)
      rb-fsevent (~> 0.9, >= 0.9.4)
      rb-inotify (~> 0.9, >= 0.9.7)
    sass-rails (3.2.6)
      railties (~> 3.2.0)
      sass (>= 3.1.10)
      tilt (~> 1.3)
    seo_meta (1.4.0)
      railties (>= 3.0.0)
    sexp_processor (4.10.0)
    simple_oauth (0.3.1)
    spreadsheet (1.1.4)
      ruby-ole (>= 1.0)
    sprockets (2.2.3)
      hike (~> 1.2)
      multi_json (~> 1.0)
      rack (~> 1.0)
      tilt (~> 1.1, != 1.3.0)
    test-unit (3.2.5)
      power_assert
    therubyracer (0.12.3)
      libv8 (~> 3.16.14.15)
      ref
    thor (0.19.4)
    thread_safe (0.3.6)
    tilt (1.4.1)
    tins (1.15.0)
    treetop (1.4.15)
      polyglot
      polyglot (>= 0.3.1)
    truncate_html (0.9.3)
    twitter (6.1.0)
      addressable (~> 2.5)
      buftok (~> 0.2.0)
      equalizer (= 0.0.11)
      faraday (~> 0.11.0)
      http (~> 2.1)
      http_parser.rb (~> 0.6.0)
      memoizable (~> 0.4.2)
      naught (~> 1.1)
      simple_oauth (~> 0.3.1)
    twitter-text (1.14.7)
      unf (~> 0.1.0)
    tzinfo (0.3.53)
    uglifier (3.2.0)
      execjs (>= 0.3.0, < 3)
    unf (0.1.4)
      unf_ext
    unf_ext (0.0.7.4)
    unf_ext (0.0.7.4-x64-mingw32)
    unf_ext (0.0.7.4-x86-mingw32)
    warden (1.2.7)
      rack (>= 1.0)
    websocket-driver (0.6.5)
      websocket-extensions (>= 0.1.0)
    websocket-extensions (0.1.2)
    will_paginate (3.0.12)
    xpath (2.1.0)
      nokogiri (~> 1.3)

PLATFORMS
  ruby
  x64-mingw32
  x86-mingw32

DEPENDENCIES
  amatch
  bcrypt
  capybara
  coffee-rails (~> 3.2.1)
  exception_notification
  factory_girl_rails
  formtastic
  friendly_id (~> 4.0.1)
  httparty
  jquery-rails (~> 2.3.0)
  nokogiri
  oj
  pg
  poltergeist
  rabl (~> 0.9.3)
  rails (= 3.2.22.2)
  refinerycms (= 2.1.5)
  refinerycms-blog (= 2.1.0)
  roo
  rspec-rails
  rubyzip (< 1.0.0)
  sass-rails (~> 3.2.3)
  test-unit
  therubyracer
  twitter
  twitter-text
  uglifier (>= 1.0.3)

BUNDLED WITH
   1.15.3
